PATH
  remote: .
  specs:
    dystatic (0.1.0)
      aws-sdk (~> 1.8.0)
      commander (~> 4.1.3)
      mime-types (~> 1.19)

GEM
  remote: http://rubygems.org/
  specs:
    aws-sdk (1.8.0)
      httparty (~> 0.7)
      json (~> 1.4)
      nokogiri (>= 1.4.4)
      uuidtools (~> 2.1)
    commander (4.1.3)
      highline (~> 1.6.11)
    highline (1.6.15)
    httparty (0.10.0)
      multi_json (~> 1.0)
      multi_xml
    json (1.7.6)
    mime-types (1.19)
    multi_json (1.5.0)
    multi_xml (0.5.2)
    nokogiri (1.5.6)
    uuidtools (2.1.3)

PLATFORMS
  ruby

DEPENDENCIES
  dystatic!
