PATH
  remote: .
  specs:
    dystatic (0.1.0)
      aws-sdk (~> 1.8)
      commander (~> 4.1.3)
      mime-types (~> 1.19)

GEM
  remote: https://rubygems.org/
  specs:
    aws-sdk (1.8.5)
      json (~> 1.4)
      nokogiri (>= 1.4.4)
      uuidtools (~> 2.1)
    commander (4.1.3)
      highline (~> 1.6.11)
    highline (1.6.16)
    json (1.7.7)
    mime-types (1.22)
    nokogiri (1.5.9)
    uuidtools (2.1.3)

PLATFORMS
  ruby

DEPENDENCIES
  dystatic!
